PATH
  remote: .
  specs:
    amazon_flex_pay (0.9.13)
      activesupport (>= 3.0.14)
      multi_xml (~> 0.5.0)
      rest-client (~> 1.6.1)

GEM
  remote: http://rubygems.org/
  specs:
    activesupport (3.2.9)
      i18n (~> 0.6)
      multi_json (~> 1.0)
    i18n (0.6.1)
    metaclass (0.0.1)
    mime-types (1.19)
    mocha (0.13.0)
      metaclass (~> 0.0.1)
    multi_json (1.3.7)
    multi_xml (0.5.1)
    rest-client (1.6.7)
      mime-types (>= 1.16)
    test-unit (2.5.2)

PLATFORMS
  ruby

DEPENDENCIES
  amazon_flex_pay!
  mocha
  test-unit
